GEM
  remote: https://rubygems.org/
  specs:
    backports (3.11.4)
    capistrano (2.15.5)
      highline
      net-scp (>= 1.0.0)
      net-sftp (>= 2.0.0)
      net-ssh (>= 2.0.14)
      net-ssh-gateway (>= 1.1.0)
    codeclimate-test-reporter (1.0.9)
      simplecov (<= 0.13)
    coderay (1.1.2)
    coveralls (0.8.19)
      json (>= 1.8, < 3)
      simplecov (~> 0.12.0)
      term-ansicolor (~> 1.3)
      thor (~> 0.19.1)
      tins (~> 1.6)
    daemons (1.2.6)
    diff-lcs (1.3)
    docile (1.1.5)
    eventmachine (1.2.7)
    ffi (1.9.25)
    formatador (0.2.5)
    god (0.13.4)
    guard (2.14.2)
      formatador (>= 0.2.4)
      listen (>= 2.7, < 4.0)
      lumberjack (>= 1.0.12, < 2.0)
      nenv (~> 0.1)
      notiffany (~> 0.0)
      pry (>= 0.9.12)
      shellany (~> 0.0)
      thor (>= 0.18.1)
    guard-rake (1.0.0)
      guard
      rake
    highline (2.0.0)
    hipchat-api (1.0.6)
      httparty
    httparty (0.16.2)
      multi_xml (>= 0.5.2)
    json (1.8.6)
    jsonlint (0.2.0)
      oj (~> 2)
      trollop (~> 2)
    listen (3.1.5)
      rb-fsevent (~> 0.9, >= 0.9.4)
      rb-inotify (~> 0.9, >= 0.9.7)
      ruby_dep (~> 1.2)
    lumberjack (1.0.13)
    method_source (0.9.0)
    mono_logger (1.1.0)
    multi_json (1.13.1)
    multi_xml (0.6.0)
    nenv (0.3.0)
    net-ping (2.0.5)
    net-scp (1.2.1)
      net-ssh (>= 2.6.5)
    net-sftp (2.1.2)
      net-ssh (>= 2.6.5)
    net-ssh (4.2.0)
    net-ssh-gateway (2.0.0)
      net-ssh (>= 4.0.0)
    notiffany (0.1.1)
      nenv (~> 0.1)
      shellany (~> 0.0)
    oj (2.18.5)
    pry (0.11.3)
      coderay (~> 1.1.0)
      method_source (~> 0.9.0)
    rack (1.6.10)
    rack-protection (1.5.5)
      rack
    rack-test (0.6.2)
      rack (>= 1.0)
    rake (10.3.2)
    rb-fsevent (0.10.3)
    rb-inotify (0.9.10)
      ffi (>= 0.5.0, < 2)
    redis (3.0.7)
    redis-namespace (1.6.0)
      redis (>= 3.0.4)
    redis-objects (0.9.1)
      redis (>= 3.0.2)
    resque (1.25.2)
      mono_logger (~> 1.0)
      multi_json (~> 1.0)
      redis-namespace (~> 1.3)
      sinatra (>= 0.9.2)
      vegas (~> 0.1.2)
    resque-retry (1.1.4)
      resque (~> 1.25)
      resque-scheduler (~> 2.5)
    resque-scheduler (2.5.5)
      mono_logger (~> 1.0)
      redis (~> 3.0.4)
      resque (~> 1.25.1)
      rufus-scheduler (~> 2.0.24)
    rspec (3.0.0)
      rspec-core (~> 3.0.0)
      rspec-expectations (~> 3.0.0)
      rspec-mocks (~> 3.0.0)
    rspec-core (3.0.4)
      rspec-support (~> 3.0.0)
    rspec-expectations (3.0.4)
      diff-lcs (>= 1.2.0, < 2.0)
      rspec-support (~> 3.0.0)
    rspec-mocks (3.0.4)
      rspec-support (~> 3.0.0)
    rspec-support (3.0.4)
    ruby_dep (1.5.0)
    rufus-scheduler (2.0.24)
      tzinfo (>= 0.3.22)
    shellany (0.0.1)
    simplecov (0.12.0)
      docile (~> 1.1.0)
      json (>= 1.8, < 3)
      simplecov-html (~> 0.10.0)
    simplecov-html (0.10.2)
    sinatra (1.4.5)
      rack (~> 1.4)
      rack-protection (~> 1.4)
      tilt (~> 1.3, >= 1.3.4)
    sinatra-contrib (1.4.2)
      backports (>= 2.0)
      multi_json
      rack-protection
      rack-test
      sinatra (~> 1.4.0)
      tilt (~> 1.3)
    slack-notifier (2.3.2)
    term-ansicolor (1.6.0)
      tins (~> 1.0)
    thin (1.6.2)
      daemons (>= 1.0.9)
      eventmachine (>= 1.0.0)
      rack (>= 1.0.0)
    thor (0.19.4)
    thread_safe (0.3.6)
    tilt (1.4.1)
    tins (1.17.0)
    trollop (2.9.9)
    tzinfo (1.2.5)
      thread_safe (~> 0.1)
    vegas (0.1.11)
      rack (>= 1.0.0)

PLATFORMS
  ruby

DEPENDENCIES
  capistrano (= 2.15.5)
  codeclimate-test-reporter
  coveralls
  god (= 0.13.4)
  guard-rake
  hipchat-api (= 1.0.6)
  json (~> 1.8)
  jsonlint
  net-ping
  net-ssh (= 4.2.0)
  rack-test (= 0.6.2)
  rake (= 10.3.2)
  redis (= 3.0.7)
  redis-objects (= 0.9.1)
  resque (= 1.25.2)
  resque-retry (= 1.1.4)
  rspec (= 3.0.0)
  sinatra (= 1.4.5)
  sinatra-contrib (= 1.4.2)
  slack-notifier (= 2.3.2)
  thin (= 1.6.2)

BUNDLED WITH
   1.16.6
